GEM
  remote: https://rubygems.org/
  specs:
    equatable (0.5.0)
    parslet (1.8.2)
    pastel (0.7.2)
      equatable (~> 0.5.0)
      tty-color (~> 0.4.0)
    thor (0.20.0)
    tty-color (0.4.2)
    vim-flavor (3.0.0)
      parslet (~> 1.8)
      pastel (~> 0.7)
      thor (~> 0.20)

PLATFORMS
  ruby

DEPENDENCIES
  vim-flavor (~> 3.0)

BUNDLED WITH
   1.16.1
